GEM
  remote: http://rubygems.org/
  specs:
    directory_watcher (1.4.1)
    metadown (1.0.1)
      redcarpet
    rack (1.4.1)
    redcarpet (2.1.0)
    redis (2.2.2)
    sass (3.1.15)
    slim (1.1.1)
      temple (~> 0.4.0)
      tilt (~> 1.3.2)
    slop (2.1.0)
    stasis (0.1.20)
      directory_watcher (~> 1.4.1)
      redis (~> 2.2.2)
      slop (~> 2.1.0)
      tilt (~> 1.3.3)
      yajl-ruby (~> 1.0.0)
    temple (0.4.0)
    tilt (1.3.3)
    yajl-ruby (1.0.0)

PLATFORMS
  ruby

DEPENDENCIES
  metadown
  rack
  redcarpet
  sass
  slim
  stasis
