GEM
  remote: http://rubygems.org/
  specs:
    classifier (1.3.3)
      fast-stemmer (>= 1.0.0)
    coderay (0.9.8)
    directory_watcher (1.4.0)
    fast-stemmer (1.0.0)
    jekyll (0.10.0)
      classifier (>= 1.3.1)
      directory_watcher (>= 1.1.1)
      liquid (>= 1.9.0)
      maruku (>= 0.5.9)
    kramdown (0.13.3)
    liquid (2.2.2)
    maruku (0.6.0)
      syntax (>= 1.0.0)
    pygments (0.0.1.a)
    rack (1.3.0)
    rack-contrib (1.1.0)
      rack (>= 0.9.1)
    syntax (1.0.0)

PLATFORMS
  ruby

DEPENDENCIES
  coderay
  jekyll
  kramdown
  pygments
  rack
  rack-contrib
