GEM
  remote: http://rubygems.org/
  specs:
    addressable (2.2.8)
    directory_watcher (1.4.1)
    excon (0.15.4)
    heroku (2.29.0)
      heroku-api (~> 0.2.13)
      launchy (>= 0.3.2)
      netrc (~> 0.7.5)
      rest-client (~> 1.6.1)
      rubyzip
    heroku-api (0.2.13)
      excon (~> 0.15.4)
    launchy (2.1.0)
      addressable (~> 2.2.6)
    mime-types (1.19)
    netrc (0.7.5)
    rack (1.4.1)
    rack-contrib (1.1.0)
      rack (>= 0.9.1)
    redcarpet (2.1.1)
    redis (2.2.2)
    rest-client (1.6.7)
      mime-types (>= 1.16)
    rubyzip (0.9.9)
    sass (3.1.20)
    slim (1.2.2)
      temple (~> 0.4.0)
      tilt (~> 1.3.3)
    slop (2.1.0)
    stasis (0.1.23)
      directory_watcher (~> 1.4.1)
      redis (~> 2.2.2)
      slop (~> 2.1.0)
      tilt (~> 1.3.3)
      yajl-ruby (~> 1.0.0)
    temple (0.4.0)
    thor (0.15.4)
    tilt (1.3.3)
    yajl-ruby (1.0.0)

PLATFORMS
  ruby

DEPENDENCIES
  heroku
  rack
  rack-contrib
  redcarpet
  sass
  slim
  stasis
  thor
