GEM
  remote: http://rubygems.org/
  specs:
    addressable (2.2.7)
    directory_watcher (1.4.1)
    heroku (2.22.0)
      launchy (>= 0.3.2)
      netrc (~> 0.7.1)
      rest-client (~> 1.6.1)
      rubyzip
    launchy (2.1.0)
      addressable (~> 2.2.6)
    metadown (1.0.1)
      redcarpet
    mime-types (1.18)
    netrc (0.7.1)
    rack (1.4.1)
    rack-contrib (1.1.0)
      rack (>= 0.9.1)
    redcarpet (2.1.1)
    redis (2.2.2)
    rest-client (1.6.7)
      mime-types (>= 1.16)
    rubyzip (0.9.6.1)
    sass (3.1.15)
    slim (1.1.1)
      temple (~> 0.4.0)
      tilt (~> 1.3.2)
    slop (2.1.0)
    stasis (0.1.20)
      directory_watcher (~> 1.4.1)
      redis (~> 2.2.2)
      slop (~> 2.1.0)
      tilt (~> 1.3.3)
      yajl-ruby (~> 1.0.0)
    temple (0.4.0)
    thor (0.14.6)
    tilt (1.3.3)
    yajl-ruby (1.0.0)

PLATFORMS
  ruby

DEPENDENCIES
  heroku
  metadown
  rack
  rack-contrib
  redcarpet
  sass
  slim
  stasis
  thor
